PATH
  remote: .
  specs:
    remark (0.3.2)
      hpricot (~> 0.8.2)

GEM
  specs:
    diff-lcs (1.1.3)
    hpricot (0.8.4)
    rspec (2.11.0)
      rspec-core (~> 2.11.0)
      rspec-expectations (~> 2.11.0)
      rspec-mocks (~> 2.11.0)
    rspec-core (2.11.1)
    rspec-expectations (2.11.2)
      diff-lcs (~> 1.1.3)
    rspec-mocks (2.11.1)

PLATFORMS
  ruby

DEPENDENCIES
  remark!
  rspec (~> 2.9)
